GEM
  remote: https://rubygems.org/
  specs:
    actionmailer (2.3.5)
      actionpack (= 2.3.5)
    actionpack (2.3.5)
      activesupport (= 2.3.5)
      rack (~> 1.0.0)
    activerecord (2.3.5)
      activesupport (= 2.3.5)
    activeresource (2.3.5)
      activesupport (= 2.3.5)
    activesupport (2.3.5)
    columnize (0.3.6)
    declarative_authorization (0.5.1)
    fattr (2.2.1)
    i18n (0.4.2)
    linecache (0.46)
      rbx-require-relative (> 0.0.4)
    mysql (2.9.1)
    rack (1.0.1)
    rails (2.3.5)
      actionmailer (= 2.3.5)
      actionpack (= 2.3.5)
      activerecord (= 2.3.5)
      activeresource (= 2.3.5)
      activesupport (= 2.3.5)
      rake (>= 0.8.3)
    rake (0.8.7)
    rbx-require-relative (0.0.9)
    ruby-debug (0.10.4)
      columnize (>= 0.1)
      ruby-debug-base (~> 0.10.4.0)
    ruby-debug-base (0.10.4)
      linecache (>= 0.3)
    rush (0.6.8)
      session
    session (3.1.0)
      fattr

PLATFORMS
  ruby

DEPENDENCIES
  declarative_authorization (= 0.5.1)
  i18n (= 0.4.2)
  mysql
  rails (= 2.3.5)
  rake (= 0.8.7)
  ruby-debug
  rush (= 0.6.8)
