GEM
  remote: https://rubygems.org/
  specs:
    actionmailer (2.3.5)
      actionpack (= 2.3.5)
    actionpack (2.3.5)
      activesupport (= 2.3.5)
      rack (~> 1.0.0)
    active_merchant_ccavenue (0.1.0)
      activemerchant (>= 1.7.3)
    activemerchant (1.10.0)
      activesupport (>= 2.3.2)
      braintree (>= 2.0.0)
      builder (>= 2.0.0)
    activerecord (2.3.5)
      activesupport (= 2.3.5)
    activeresource (2.3.5)
      activesupport (= 2.3.5)
    activesupport (2.3.5)
    braintree (2.27.1)
      builder (>= 2.0.0)
    builder (3.2.2)
    columnize (0.3.6)
    daemons (1.1.9)
    declarative_authorization (0.5.1)
    eventmachine (1.0.3)
    fattr (2.2.1)
    i18n (0.4.2)
    linecache (0.46)
      rbx-require-relative (> 0.0.4)
    mysql (2.9.1)
    rack (1.0.1)
    rails (2.3.5)
      actionmailer (= 2.3.5)
      actionpack (= 2.3.5)
      activerecord (= 2.3.5)
      activeresource (= 2.3.5)
      activesupport (= 2.3.5)
      rake (>= 0.8.3)
    rake (0.8.7)
    rbx-require-relative (0.0.9)
    ruby-debug (0.10.4)
      columnize (>= 0.1)
      ruby-debug-base (~> 0.10.4.0)
    ruby-debug-base (0.10.4)
      linecache (>= 0.3)
    rush (0.6.8)
      session
    session (3.1.0)
      fattr
    thin (1.6.1)
      daemons (>= 1.0.9)
      eventmachine (>= 1.0.0)
      rack (>= 1.0.0)
    thin-rails (1.0.1)
      rack
      thin

PLATFORMS
  ruby

DEPENDENCIES
  active_merchant_ccavenue
  declarative_authorization (= 0.5.1)
  i18n (= 0.4.2)
  mysql
  rails (= 2.3.5)
  rake (= 0.8.7)
  ruby-debug
  rush (= 0.6.8)
  thin-rails
